GIT
  remote: https://github.com/bblimke/webmock.git
  revision: 1acfa58e578b3e895e99bec13695957a4838991b
  specs:
    webmock (1.8.9)
      addressable (>= 2.2.7)
      crack (>= 0.1.7)

GIT
  remote: https://github.com/chetan/bixby-common.git
  revision: 936066ef456708c24079022a9060b827336d4981
  specs:
    bixby-common (0.2.0)
      curb
      multi_json
      oj
      systemu

GIT
  remote: https://github.com/chetan/test_guard.git
  revision: c7dfcaa264d08a9e4ca1271ede514ad760bbd077
  specs:
    test_guard (0.1.0)
      awesome_print
      colorize
      growl
      guard
      hirb
      simplecov

GEM
  remote: http://rubygems.org/
  specs:
    addressable (2.3.2)
    ansi (1.4.3)
    awesome_print (1.1.0)
    bahia (0.7.2)
      open4 (~> 1.3.0)
    cane (2.3.0)
      parallel
    coderay (1.0.7)
    colorize (0.5.8)
    crack (0.3.1)
    curb (0.8.1)
    daemons (1.1.9)
    eventmachine (0.12.10)
    facter (1.6.12)
    git (1.2.5)
    growl (1.0.3)
    guard (1.4.0)
      listen (>= 0.4.2)
      thor (>= 0.14.6)
    hirb (0.7.0)
    jeweler (1.8.4)
      bundler (~> 1.0)
      git (>= 1.2.5)
      rake
      rdoc
    json (1.7.5)
    listen (0.5.3)
    little-plugger (1.1.3)
    logging (1.8.0)
      little-plugger (>= 1.1.3)
      multi_json (>= 1.3.6)
    metaclass (0.0.1)
    method_source (0.8)
    minitest (3.4.0)
    mixlib-cli (1.2.2)
    mocha (0.12.4)
      metaclass (~> 0.0.1)
    multi_json (1.3.6)
    oj (1.3.5)
    open4 (1.3.0)
    parallel (0.5.18)
    pry (0.9.10)
      coderay (~> 1.0.5)
      method_source (~> 0.8)
      slop (~> 3.3.1)
    rack (1.4.1)
    rack-protection (1.2.0)
      rack
    rack-test (0.6.1)
      rack (>= 1.0)
    rake (0.9.2.2)
    rb-fsevent (0.9.2)
    rcov (1.0.0)
    rdoc (3.12)
      json (~> 1.4)
    simplecov (0.6.4)
      multi_json (~> 1.0)
      simplecov-html (~> 0.5.3)
    simplecov-html (0.5.3)
    sinatra (1.3.3)
      rack (~> 1.3, >= 1.3.6)
      rack-protection (~> 1.2)
      tilt (~> 1.3, >= 1.3.3)
    slop (3.3.3)
    systemu (2.5.2)
    thin (1.4.1)
      daemons (>= 1.0.9)
      eventmachine (>= 0.12.6)
      rack (>= 1.0.0)
    thor (0.16.0)
    tilt (1.3.3)
    turn (0.9.6)
      ansi
    uuidtools (2.1.3)
    yard (0.8.2.1)

PLATFORMS
  ruby

DEPENDENCIES
  awesome_print
  bahia
  bixby-common!
  cane
  colorize
  curb
  facter
  growl
  guard
  hirb
  jeweler (~> 1.8.3)
  logging
  minitest
  mixlib-cli
  mocha
  multi_json
  oj
  pry
  rack-test
  rb-fsevent (~> 0.9.1)
  rcov
  simplecov
  sinatra (~> 1.3)
  systemu
  test_guard!
  thin
  turn
  uuidtools
  webmock!
  yard (~> 0.7)
