GIT
  remote: git://github.com/chetan/jeweler.git
  revision: b90381a3958daae7f3ce3d8c4d710fe39e72443b
  branch: bixby
  specs:
    jeweler (2.0.1)
      builder
      bundler (>= 1.0)
      git (>= 1.2.5)
      github_api
      highline (>= 1.6.15)
      nokogiri (>= 1.5.10)
      rake

GIT
  remote: git://github.com/chetan/micron.git
  revision: 576f6699e2a7ff1828ce5c333cc5fa433c0be380
  specs:
    micron (0.5.1)
      ansi
      easycov
      hitimes

GIT
  remote: git://github.com/chetan/test_guard.git
  revision: 178e47e2e57dc83060d6cabc18f206916b9d02f2
  specs:
    test_guard (0.2.1)
      awesome_print
      easycov
      growl
      listen
      simplecov
      simplecov-console

PATH
  remote: .
  specs:
    bixby-agent (0.3.2)
      bixby-auth (~> 0.1)
      bixby-client (~> 0.5)
      bixby-common (~> 0.6)
      daemons (~> 1.1)
      facter (~> 2.0.0)
      god (~> 0.13)
      highline (~> 1.6)
      httpi (~> 2.3)
      logging (~> 1.8)
      mixlib-cli (~> 1.5)
      mixlib-shellout (~> 2.0)
      multi_json (~> 1.8)
      oj (~> 2.11)
      uuidtools (~> 2.1)

GEM
  remote: https://rubygems.org/
  specs:
    CFPropertyList (2.2.8)
    addressable (2.3.7)
    ansi (1.5.0)
    awesome_print (1.6.1)
    bixby-auth (0.1.1)
    bixby-client (0.5.2)
      bixby-common
      curb
      fuzzy_file_finder
      httpi
      mixlib-shellout
      multi_json
      oj
    bixby-common (0.6.3)
      bixby-auth (~> 0.1)
      faye-websocket (~> 0.7)
      httpi (~> 2.1)
      logging (~> 1.8)
      multi_json (~> 1.8)
      semver2 (~> 3.3)
    builder (3.2.2)
    cane (2.6.2)
      parallel
    celluloid (0.16.0)
      timers (~> 4.0.0)
    coderay (1.1.0)
    colorize (0.7.5)
    coveralls (0.7.11)
      multi_json (~> 1.10)
      rest-client (>= 1.6.8, < 2)
      simplecov (~> 0.9.1)
      term-ansicolor (~> 1.3)
      thor (~> 0.19.1)
    crack (0.4.2)
      safe_yaml (~> 1.0.0)
    curb (0.8.6)
    daemons (1.1.9)
    descendants_tracker (0.0.4)
      thread_safe (~> 0.3, >= 0.3.1)
    docile (1.1.5)
    easycov (0.4.0)
      multi_json
      simplecov
      simplecov-console
      simplecov-html
    eventmachine (1.0.7)
    facter (2.0.2)
      CFPropertyList (~> 2.2.6)
    faraday (0.9.1)
      multipart-post (>= 1.2, < 3)
    faye-websocket (0.9.2)
      eventmachine (>= 0.12.0)
      websocket-driver (>= 0.5.1)
    ffi (1.9.6)
    fuzzy_file_finder (1.0.4)
    git (1.2.9.1)
    github_api (0.12.3)
      addressable (~> 2.3)
      descendants_tracker (~> 0.0.4)
      faraday (~> 0.8, < 0.10)
      hashie (>= 3.3)
      multi_json (>= 1.7.5, < 2.0)
      nokogiri (~> 1.6.3)
      oauth2
    god (0.13.5)
    growl (1.0.3)
    hashie (3.4.0)
    highline (1.7.1)
    hirb (0.7.3)
    hitimes (1.2.2)
    httpi (2.3.0)
      rack
    jwt (1.3.0)
    listen (2.8.5)
      celluloid (>= 0.15.2)
      rb-fsevent (>= 0.9.3)
      rb-inotify (>= 0.9)
    little-plugger (1.1.3)
    logging (1.8.2)
      little-plugger (>= 1.1.3)
      multi_json (>= 1.8.4)
    metaclass (0.0.4)
    method_source (0.8.2)
    mime-types (2.4.3)
    mini_portile (0.6.2)
    mixlib-cli (1.5.0)
    mixlib-shellout (2.0.1)
    mocha (1.1.0)
      metaclass (~> 0.0.1)
    multi_json (1.10.1)
    multi_xml (0.5.5)
    multipart-post (2.0.0)
    netrc (0.10.3)
    nokogiri (1.6.6.2)
      mini_portile (~> 0.6.0)
    oauth2 (1.0.0)
      faraday (>= 0.8, < 0.10)
      jwt (~> 1.0)
      multi_json (~> 1.3)
      multi_xml (~> 0.5)
      rack (~> 1.2)
    oj (2.11.4)
    parallel (1.4.0)
    pry (0.10.1)
      coderay (~> 1.1.0)
      method_source (~> 0.8.1)
      slop (~> 3.4)
    rack (1.6.0)
    rake (10.4.2)
    rb-fchange (0.0.6)
      ffi
    rb-fsevent (0.9.4)
    rb-inotify (0.9.5)
      ffi (>= 0.5.0)
    rest-client (1.7.3)
      mime-types (>= 1.16, < 3.0)
      netrc (~> 0.7)
    safe_yaml (1.0.4)
    semver2 (3.4.1)
    simplecov (0.9.2)
      docile (~> 1.1.0)
      multi_json (~> 1.0)
      simplecov-html (~> 0.9.0)
    simplecov-console (0.2.0)
      colorize
      hirb
      simplecov
    simplecov-html (0.9.0)
    slop (3.6.0)
    term-ansicolor (1.3.0)
      tins (~> 1.0)
    thor (0.19.1)
    thread_safe (0.3.4)
    timers (4.0.1)
      hitimes
    tins (1.3.4)
    uuidtools (2.1.5)
    webmock (1.20.4)
      addressable (>= 2.3.6)
      crack (>= 0.3.2)
    websocket-driver (0.5.3)
      websocket-extensions (>= 0.1.0)
    websocket-extensions (0.1.2)
    yard (0.8.7.6)

PLATFORMS
  ruby

DEPENDENCIES
  awesome_print
  bixby-agent!
  bixby-auth (~> 0.1)
  bixby-client (~> 0.5)
  bixby-common (~> 0.6)
  cane
  colorize
  coveralls
  daemons (~> 1.1)
  facter (~> 2.0.0)
  god (~> 0.13)
  growl
  highline (~> 1.6)
  hirb
  httpi (~> 2.3)
  jeweler!
  logging (~> 1.8)
  micron!
  mixlib-cli (~> 1.5)
  mixlib-shellout (~> 2.0)
  mocha
  multi_json (~> 1.8)
  oj (~> 2.11)
  pry
  rake
  rb-fchange
  rb-fsevent
  rb-inotify
  simplecov
  test_guard!
  uuidtools (~> 2.1)
  webmock
  yard (~> 0.7)
