GIT
  remote: git://github.com/chetan/micron.git
  revision: 9290253b06d11b1b8d92c3f5152533809ae3a58f
  specs:
    micron (0.5.0)
      ansi
      easycov
      hitimes

GIT
  remote: https://github.com/chetan/api_auth.git
  revision: 2440c3a1d23b95977185ce25210c86cbeded7cee
  branch: bixby
  specs:
    api-auth (1.0.3)

GIT
  remote: https://github.com/chetan/jeweler.git
  revision: 70c60f425247adae6eeafd30b39d4db5dfe90979
  branch: bixby
  specs:
    jeweler (1.8.8)
      builder
      bundler (~> 1.0)
      git (>= 1.2.5)
      github_api (= 0.10.1)
      highline (>= 1.6.15)
      nokogiri (= 1.5.10)
      rake
      rdoc

GIT
  remote: https://github.com/chetan/test_guard.git
  revision: 178e47e2e57dc83060d6cabc18f206916b9d02f2
  specs:
    test_guard (0.2.1)
      awesome_print
      easycov
      growl
      listen
      simplecov
      simplecov-console

PATH
  remote: .
  specs:
    bixby-agent (0.2.2)
      api-auth
      bixby-client
      bixby-common
      curb
      daemons
      facter (~> 1.6.0)
      god
      highline
      httpi
      logging
      mixlib-cli
      mixlib-shellout
      multi_json
      oj
      uuidtools

GEM
  remote: https://rubygems.org/
  specs:
    addressable (2.3.5)
    ansi (1.4.3)
    awesome_print (1.2.0)
    bixby-client (0.4.1)
      api-auth
      bixby-common
      curb
      fuzzy_file_finder
      httpi
      mixlib-shellout
      multi_json
      oj
    bixby-common (0.4.10)
      api-auth
      faye-websocket
      httpi
      logging
      multi_json
      semver2
    builder (3.2.2)
    cane (2.6.1)
      parallel
    celluloid (0.15.2)
      timers (~> 1.1.0)
    celluloid-io (0.15.0)
      celluloid (>= 0.15.0)
      nio4r (>= 0.5.0)
    coderay (1.1.0)
    colorize (0.6.0)
    coveralls (0.7.0)
      multi_json (~> 1.3)
      rest-client
      simplecov (>= 0.7)
      term-ansicolor
      thor
    crack (0.4.2)
      safe_yaml (~> 1.0.0)
    curb (0.8.5)
    daemons (1.1.9)
    docile (1.1.3)
    easycov (0.4.0)
      multi_json
      simplecov
      simplecov-console
      simplecov-html
    eventmachine (1.0.3)
    facter (1.6.18)
    faraday (0.8.9)
      multipart-post (~> 1.2.0)
    faye-websocket (0.7.2)
      eventmachine (>= 0.12.0)
      websocket-driver (>= 0.3.1)
    ffi (1.9.3)
    fuzzy_file_finder (1.0.4)
    git (1.2.6)
    github_api (0.10.1)
      addressable
      faraday (~> 0.8.1)
      hashie (>= 1.2)
      multi_json (~> 1.4)
      nokogiri (~> 1.5.2)
      oauth2
    god (0.13.3)
    growl (1.0.3)
    hashie (2.0.5)
    highline (1.6.20)
    hirb (0.7.1)
    hitimes (1.2.1)
    httpi (2.1.0)
      rack
      rubyntlm (~> 0.3.2)
    json (1.8.1)
    jwt (0.1.11)
      multi_json (>= 1.5)
    listen (2.5.0)
      celluloid (>= 0.15.2)
      celluloid-io (>= 0.15.0)
      rb-fsevent (>= 0.9.3)
      rb-inotify (>= 0.9)
    little-plugger (1.1.3)
    logging (1.8.2)
      little-plugger (>= 1.1.3)
      multi_json (>= 1.8.4)
    metaclass (0.0.4)
    method_source (0.8.2)
    mime-types (2.1)
    mixlib-cli (1.4.0)
    mixlib-shellout (1.3.0)
    mocha (1.0.0)
      metaclass (~> 0.0.1)
    multi_json (1.8.4)
    multi_xml (0.5.5)
    multipart-post (1.2.0)
    nio4r (1.0.0)
    nokogiri (1.5.10)
    oauth2 (0.9.3)
      faraday (>= 0.8, < 0.10)
      jwt (~> 0.1.8)
      multi_json (~> 1.3)
      multi_xml (~> 0.5)
      rack (~> 1.2)
    oj (2.5.5)
    parallel (0.9.2)
    pry (0.9.12.6)
      coderay (~> 1.0)
      method_source (~> 0.8)
      slop (~> 3.4)
    rack (1.5.2)
    rake (10.1.1)
    rb-fchange (0.0.6)
      ffi
    rb-fsevent (0.9.4)
    rb-inotify (0.9.3)
      ffi (>= 0.5.0)
    rdoc (4.1.1)
      json (~> 1.4)
    rest-client (1.6.7)
      mime-types (>= 1.16)
    rubyntlm (0.3.4)
    safe_yaml (1.0.1)
    semver2 (3.3.3)
    simplecov (0.8.2)
      docile (~> 1.1.0)
      multi_json
      simplecov-html (~> 0.8.0)
    simplecov-console (0.1.3)
      colorize
      hirb
      simplecov
    simplecov-html (0.8.0)
    slop (3.4.7)
    term-ansicolor (1.3.0)
      tins (~> 1.0)
    thor (0.18.1)
    timers (1.1.0)
    tins (1.0.0)
    uuidtools (2.1.4)
    webmock (1.17.3)
      addressable (>= 2.2.7)
      crack (>= 0.3.2)
    websocket-driver (0.3.2)
    yard (0.8.7.3)

PLATFORMS
  ruby

DEPENDENCIES
  api-auth!
  awesome_print
  bixby-agent!
  bixby-client
  bixby-common
  cane
  colorize
  coveralls
  curb
  daemons
  facter (~> 1.6.0)
  god
  growl
  highline
  hirb
  httpi
  jeweler!
  logging
  micron!
  mixlib-cli
  mixlib-shellout
  mocha
  multi_json
  oj
  pry
  rb-fchange
  rb-fsevent
  rb-inotify
  simplecov
  test_guard!
  uuidtools
  webmock
  yard (~> 0.7)
