GIT
  remote: git://github.com/chetan/jeweler.git
  revision: b90381a3958daae7f3ce3d8c4d710fe39e72443b
  branch: bixby
  specs:
    jeweler (2.0.1)
      builder
      bundler (>= 1.0)
      git (>= 1.2.5)
      github_api
      highline (>= 1.6.15)
      nokogiri (>= 1.5.10)
      rake

GIT
  remote: git://github.com/chetan/micron.git
  revision: 0c1e9c0b9d9e052805f43485fe3454cbd25913c5
  specs:
    micron (0.5.1)
      ansi
      easycov
      hitimes

GIT
  remote: git://github.com/chetan/test_guard.git
  revision: 178e47e2e57dc83060d6cabc18f206916b9d02f2
  specs:
    test_guard (0.2.1)
      awesome_print
      easycov
      growl
      listen
      simplecov
      simplecov-console

PATH
  remote: .
  specs:
    bixby-agent (0.3.0)
      bixby-auth
      bixby-client
      bixby-common
      curb
      daemons
      facter (~> 2.0.0)
      god
      highline
      httpi
      logging
      mixlib-cli
      mixlib-shellout
      multi_json
      oj
      uuidtools

GEM
  remote: https://rubygems.org/
  specs:
    CFPropertyList (2.2.8)
    addressable (2.3.6)
    ansi (1.4.3)
    awesome_print (1.2.0)
    bixby-auth (0.1.0)
    bixby-client (0.5.1)
      bixby-common
      curb
      fuzzy_file_finder
      httpi
      mixlib-shellout
      multi_json
      oj
    bixby-common (0.5.0)
      bixby-auth (~> 0.1)
      faye-websocket (~> 0.7)
      httpi (~> 2.1)
      logging (~> 1.8)
      multi_json (~> 1.8)
      semver2 (~> 3.3)
    builder (3.2.2)
    cane (2.6.2)
      parallel
    celluloid (0.16.0)
      timers (~> 4.0.0)
    coderay (1.1.0)
    colorize (0.7.3)
    coveralls (0.7.0)
      multi_json (~> 1.3)
      rest-client
      simplecov (>= 0.7)
      term-ansicolor
      thor
    crack (0.4.2)
      safe_yaml (~> 1.0.0)
    curb (0.8.6)
    daemons (1.1.9)
    descendants_tracker (0.0.4)
      thread_safe (~> 0.3, >= 0.3.1)
    docile (1.1.4)
    easycov (0.4.0)
      multi_json
      simplecov
      simplecov-console
      simplecov-html
    eventmachine (1.0.3)
    facter (2.0.1)
      CFPropertyList (~> 2.2.6)
    faraday (0.9.0)
      multipart-post (>= 1.2, < 3)
    faye-websocket (0.8.0)
      eventmachine (>= 0.12.0)
      websocket-driver (>= 0.4.0)
    ffi (1.9.3)
    fuzzy_file_finder (1.0.4)
    git (1.2.8)
    github_api (0.12.2)
      addressable (~> 2.3)
      descendants_tracker (~> 0.0.4)
      faraday (~> 0.8, < 0.10)
      hashie (>= 3.3)
      multi_json (>= 1.7.5, < 2.0)
      nokogiri (~> 1.6.3)
      oauth2
    god (0.13.4)
    growl (1.0.3)
    hashie (3.3.1)
    highline (1.6.21)
    hirb (0.7.2)
    hitimes (1.2.1)
    httpi (2.3.0)
      rack
    jwt (1.0.0)
    listen (2.8.0)
      celluloid (>= 0.15.2)
      rb-fsevent (>= 0.9.3)
      rb-inotify (>= 0.9)
    little-plugger (1.1.3)
    logging (1.8.2)
      little-plugger (>= 1.1.3)
      multi_json (>= 1.8.4)
    metaclass (0.0.4)
    method_source (0.8.2)
    mime-types (2.2)
    mini_portile (0.6.1)
    mixlib-cli (1.5.0)
    mixlib-shellout (1.6.0)
    mocha (1.1.0)
      metaclass (~> 0.0.1)
    multi_json (1.10.1)
    multi_xml (0.5.5)
    multipart-post (2.0.0)
    nokogiri (1.6.4.1)
      mini_portile (~> 0.6.0)
    oauth2 (1.0.0)
      faraday (>= 0.8, < 0.10)
      jwt (~> 1.0)
      multi_json (~> 1.3)
      multi_xml (~> 0.5)
      rack (~> 1.2)
    oj (2.11.1)
    parallel (1.0.0)
    pry (0.9.12.6)
      coderay (~> 1.0)
      method_source (~> 0.8)
      slop (~> 3.4)
    rack (1.5.2)
    rake (10.3.2)
    rb-fchange (0.0.6)
      ffi
    rb-fsevent (0.9.4)
    rb-inotify (0.9.4)
      ffi (>= 0.5.0)
    rest-client (1.6.7)
      mime-types (>= 1.16)
    safe_yaml (1.0.3)
    semver2 (3.4.0)
    simplecov (0.8.2)
      docile (~> 1.1.0)
      multi_json
      simplecov-html (~> 0.8.0)
    simplecov-console (0.1.3)
      colorize
      hirb
      simplecov
    simplecov-html (0.8.0)
    slop (3.5.0)
    term-ansicolor (1.3.0)
      tins (~> 1.0)
    thor (0.19.1)
    thread_safe (0.3.4)
    timers (4.0.1)
      hitimes
    tins (1.3.0)
    uuidtools (2.1.4)
    webmock (1.18.0)
      addressable (>= 2.3.6)
      crack (>= 0.3.2)
    websocket-driver (0.4.0)
    yard (0.8.7.4)

PLATFORMS
  ruby

DEPENDENCIES
  awesome_print
  bixby-agent!
  bixby-auth
  bixby-client
  bixby-common
  cane
  colorize
  coveralls
  curb
  daemons
  facter (~> 2.0.0)
  god
  growl
  highline
  hirb
  httpi
  jeweler!
  logging
  micron!
  mixlib-cli
  mixlib-shellout
  mocha
  multi_json
  oj
  pry
  rake
  rb-fchange
  rb-fsevent
  rb-inotify
  simplecov
  test_guard!
  uuidtools
  webmock
  yard (~> 0.7)
