GIT
  remote: https://github.com/bblimke/webmock.git
  revision: fcbe31a2163a7a60df4c0c78cc3105a63822de27
  specs:
    webmock (1.11.0)
      addressable (>= 2.2.7)
      crack (>= 0.3.2)

GIT
  remote: https://github.com/chetan/api_auth.git
  revision: 18a1bc002468a7f90ca92d3b50406be8a61411cb
  branch: non_rails
  specs:
    api-auth (1.0.1)

GIT
  remote: https://github.com/chetan/bixby-client.git
  revision: b821055ad660b8bb9cff1258cdbb6aebdefa476a
  specs:
    bixby-client (0.1.2)
      api-auth
      bixby-common
      curb
      httpi
      mixlib-shellout
      multi_json
      oj

GIT
  remote: https://github.com/chetan/bixby-common.git
  revision: 12f17a058e8ca12b824bd0dacd95f14a26f7f23d
  specs:
    bixby-common (0.3.9)
      httpi
      logging
      multi_json

GIT
  remote: https://github.com/chetan/httpi.git
  revision: f6e49303fee6778c714bcc556fa5f9247bc3a3f3
  branch: chunked_responses
  specs:
    httpi (2.0.0)
      rack

GIT
  remote: https://github.com/chetan/jeweler.git
  revision: 41062abfc55dc1f5775d6419c796fd1c8756fc7b
  branch: bixby
  specs:
    jeweler (1.8.4)
      bundler (~> 1.0)
      git (>= 1.2.5)
      rake
      rdoc

GIT
  remote: https://github.com/chetan/test_guard.git
  revision: ad59542db1fca57018dd771d19b1d636252e4c98
  specs:
    test_guard (0.2.0)
      awesome_print
      debugger
      debugger-pry
      growl
      guard
      simplecov
      simplecov-console
      single_test
      turn

GEM
  remote: https://rubygems.org/
  specs:
    addressable (2.3.3)
    ansi (1.4.3)
    awesome_print (1.1.0)
    bahia (0.7.2)
      open4 (~> 1.3.0)
    cane (2.5.2)
      parallel
    coderay (1.0.9)
    colorize (0.5.8)
    columnize (0.3.6)
    crack (0.3.2)
    curb (0.8.3)
    daemons (1.1.9)
    debugger (1.5.0)
      columnize (>= 0.3.1)
      debugger-linecache (~> 1.2.0)
      debugger-ruby_core_source (~> 1.2.0)
    debugger-linecache (1.2.0)
    debugger-pry (0.1.1)
      debugger (~> 1)
      pry (>= 0.9.9)
    debugger-ruby_core_source (1.2.0)
    eventmachine (1.0.3)
    facter (1.6.18)
    ffi (1.6.0)
    formatador (0.2.4)
    git (1.2.5)
    growl (1.0.3)
    guard (1.7.0)
      formatador (>= 0.2.4)
      listen (>= 0.6.0)
      lumberjack (>= 1.0.2)
      pry (>= 0.9.10)
      thor (>= 0.14.6)
    highline (1.6.16)
    hirb (0.7.1)
    json (1.7.7)
    listen (0.7.3)
    little-plugger (1.1.3)
    logging (1.8.1)
      little-plugger (>= 1.1.3)
      multi_json (>= 1.3.6)
    lumberjack (1.0.3)
    metaclass (0.0.1)
    method_source (0.8.1)
    minitest (4.7.0)
    mixlib-cli (1.3.0)
    mixlib-shellout (1.1.0)
    mocha (0.13.3)
      metaclass (~> 0.0.1)
    multi_json (1.7.2)
    oj (2.0.10)
    open4 (1.3.0)
    parallel (0.6.4)
    pry (0.9.12)
      coderay (~> 1.0.5)
      method_source (~> 0.8)
      slop (~> 3.4)
    rack (1.5.2)
    rack-protection (1.5.0)
      rack
    rack-test (0.6.2)
      rack (>= 1.0)
    rake (10.0.4)
    rb-fchange (0.0.6)
      ffi
    rb-fsevent (0.9.3)
    rb-inotify (0.9.0)
      ffi (>= 0.5.0)
    rcov (1.0.0)
    rdoc (4.0.1)
      json (~> 1.4)
    simplecov (0.7.1)
      multi_json (~> 1.0)
      simplecov-html (~> 0.7.1)
    simplecov-console (0.1.1)
      colorize
      hirb
      simplecov
    simplecov-html (0.7.1)
    sinatra (1.4.2)
      rack (~> 1.5, >= 1.5.2)
      rack-protection (~> 1.4)
      tilt (~> 1.3, >= 1.3.4)
    single_test (0.5.2)
      rake (> 0.9)
    slop (3.4.4)
    thin (1.5.1)
      daemons (>= 1.0.9)
      eventmachine (>= 0.12.6)
      rack (>= 1.0.0)
    thor (0.18.1)
    tilt (1.3.6)
    turn (0.9.6)
      ansi
    uuidtools (2.1.3)
    yard (0.8.5.2)

PLATFORMS
  ruby

DEPENDENCIES
  api-auth!
  awesome_print
  bahia
  bixby-client!
  bixby-common!
  cane
  colorize
  curb
  facter
  growl
  guard
  highline
  hirb
  httpi!
  jeweler!
  logging
  minitest
  mixlib-cli
  mixlib-shellout
  mocha
  multi_json
  oj
  pry
  rack-test
  rb-fchange
  rb-fsevent
  rb-inotify
  rcov
  simplecov
  sinatra (~> 1.3)
  test_guard!
  thin
  turn
  uuidtools
  webmock!
  yard (~> 0.7)
