GIT
  remote: https://github.com/bblimke/webmock.git
  revision: b35fb424f2efe38f0e9c3785176b1924545dbc5f
  specs:
    webmock (1.9.0)
      addressable (>= 2.2.7)
      crack (>= 0.1.7)

GIT
  remote: https://github.com/chetan/bixby-common.git
  revision: eb6d5c6281021dbb45fe17c957fd23e0d724f13b
  specs:
    bixby-common (0.3.0)
      httpi
      multi_json
      systemu

GIT
  remote: https://github.com/chetan/httpi.git
  revision: f6e49303fee6778c714bcc556fa5f9247bc3a3f3
  branch: chunked_responses
  specs:
    httpi (2.0.0)
      rack

GIT
  remote: https://github.com/chetan/systemu.git
  revision: cb6524a4c50213bec52262f6c0f090e11bb3a586
  branch: forkbomb
  specs:
    systemu (2.5.2)

GIT
  remote: https://github.com/chetan/test_guard.git
  revision: 7dbe658afc09718285c2009cb9b42e5c7949581f
  specs:
    test_guard (0.1.2)
      awesome_print
      growl
      guard
      rb-fchange
      rb-fsevent
      rb-inotify
      simplecov
      simplecov-console
      turn

GEM
  remote: http://rubygems.org/
  specs:
    addressable (2.3.2)
    ansi (1.4.3)
    awesome_print (1.1.0)
    bahia (0.7.2)
      open4 (~> 1.3.0)
    cane (2.5.0)
      parallel
    coderay (1.0.8)
    colorize (0.5.8)
    crack (0.3.1)
    curb (0.8.3)
    daemons (1.1.9)
    eventmachine (1.0.0)
    facter (1.6.17)
    ffi (1.2.0)
    git (1.2.5)
    growl (1.0.3)
    guard (1.6.1)
      listen (>= 0.6.0)
      lumberjack (>= 1.0.2)
      pry (>= 0.9.10)
      thor (>= 0.14.6)
    hirb (0.7.0)
    jeweler (1.8.4)
      bundler (~> 1.0)
      git (>= 1.2.5)
      rake
      rdoc
    json (1.7.6)
    listen (0.7.0)
    little-plugger (1.1.3)
    logging (1.8.1)
      little-plugger (>= 1.1.3)
      multi_json (>= 1.3.6)
    lumberjack (1.0.2)
    metaclass (0.0.1)
    method_source (0.8.1)
    minitest (4.3.3)
    mixlib-cli (1.2.2)
    mocha (0.13.1)
      metaclass (~> 0.0.1)
    multi_json (1.5.0)
    oj (2.0.0)
    open4 (1.3.0)
    parallel (0.6.1)
    pry (0.9.10)
      coderay (~> 1.0.5)
      method_source (~> 0.8)
      slop (~> 3.3.1)
    rack (1.4.1)
    rack-protection (1.3.2)
      rack
    rack-test (0.6.2)
      rack (>= 1.0)
    rake (10.0.3)
    rb-fchange (0.0.6)
      ffi
    rb-fsevent (0.9.3)
    rb-inotify (0.8.8)
      ffi (>= 0.5.0)
    rcov (1.0.0)
    rdoc (3.12)
      json (~> 1.4)
    simplecov (0.7.1)
      multi_json (~> 1.0)
      simplecov-html (~> 0.7.1)
    simplecov-console (0.1.0)
      colorize
      hirb
      simplecov
    simplecov-html (0.7.1)
    sinatra (1.3.3)
      rack (~> 1.3, >= 1.3.6)
      rack-protection (~> 1.2)
      tilt (~> 1.3, >= 1.3.3)
    slop (3.3.3)
    thin (1.5.0)
      daemons (>= 1.0.9)
      eventmachine (>= 0.12.6)
      rack (>= 1.0.0)
    thor (0.16.0)
    tilt (1.3.3)
    turn (0.9.6)
      ansi
    uuidtools (2.1.3)
    yard (0.8.3)

PLATFORMS
  ruby

DEPENDENCIES
  awesome_print
  bahia
  bixby-common!
  cane
  colorize
  curb
  facter
  growl
  guard
  hirb
  httpi!
  jeweler (~> 1.8.3)
  logging
  minitest
  mixlib-cli
  mocha
  multi_json
  oj
  pry
  rack-test
  rcov
  simplecov
  sinatra (~> 1.3)
  systemu!
  test_guard!
  thin
  turn
  uuidtools
  webmock!
  yard (~> 0.7)
