GIT
  remote: git://github.com/chetan/jst_str.git
  revision: 5cde3c23ea59cc4e06c027da9ad96b05491fec4d
  specs:
    jst_str (1.0.0)
      sprockets (>= 2.0.3)
      tilt (>= 1.3.3)

GIT
  remote: git://github.com/chetan/lorem_ipsum.git
  revision: 9428ef995f254f59ea70016b8b21607c742d08af
  specs:
    lorem_ipsum (0.0.2)

GIT
  remote: git://github.com/chetan/resque-scheduler.git
  revision: c5c0bf611642176a9aa5cc93c06b8327f547a21d
  specs:
    resque-scheduler (2.0.0.f)
      redis (>= 2.0.1)
      redis-lock (= 0.1.0)
      resque (>= 1.19.0)
      rufus-scheduler

GIT
  remote: git://github.com/chetan/simplecov-html.git
  revision: 172b4e5c1252fb1ba1c35a12580e9d9405507632
  specs:
    simplecov-html (0.5.3)

GIT
  remote: https://github.com/bblimke/webmock.git
  revision: 4711a0bd399922c7818ece435b190642f15a6618
  specs:
    webmock (1.8.6)
      addressable (>= 2.2.7)
      crack (>= 0.1.7)

GIT
  remote: https://github.com/chetan/coffee-script.git
  revision: d3e5f8c9cbda4ce6575a0b35810eee0dfa9b079b
  branch: gem
  specs:
    coffee-script-source (1.3.2.pre)

GIT
  remote: https://github.com/chetan/continuum.git
  revision: dd521a1aa0f34b8a4c3eae6df3dbe56050a72c0e
  specs:
    continuum (0.0.1)
      rake

GIT
  remote: https://github.com/chetan/devops_common.git
  revision: 8661151d5db5b54cb94b4c58b8fe6be35e284521
  specs:
    devops_common (0.1.0)
      curb
      json
      systemu

GIT
  remote: https://github.com/colszowka/simplecov.git
  revision: 8b3a937fe213d57f7bb5a0eec25a5bb6d8862d08
  specs:
    simplecov (0.6.2)
      multi_json (~> 1.3)
      simplecov-html (~> 0.5.3)

GIT
  remote: https://github.com/defunkt/resque.git
  revision: f03ba9301998f55c713b1423865c3c00e367fd92
  specs:
    resque (1.20.0)
      multi_json (~> 1.0)
      redis-namespace (~> 1.0.2)
      sinatra (>= 0.9.2)
      vegas (~> 0.1.2)

GIT
  remote: https://github.com/sporkrb/spork.git
  revision: becc3e4348c524af79e22ee554511b46e83686f9
  specs:
    spork (1.0.0rc2)

GEM
  remote: http://rubygems.org/
  specs:
    SystemTimer (1.2.3)
    actionmailer (3.2.3)
      actionpack (= 3.2.3)
      mail (~> 2.4.4)
    actionpack (3.2.3)
      activemodel (= 3.2.3)
      activesupport (= 3.2.3)
      builder (~> 3.0.0)
      erubis (~> 2.7.0)
      journey (~> 1.0.1)
      rack (~> 1.4.0)
      rack-cache (~> 1.2)
      rack-test (~> 0.6.1)
      sprockets (~> 2.1.2)
    activemodel (3.2.3)
      activesupport (= 3.2.3)
      builder (~> 3.0.0)
    activerecord (3.2.3)
      activemodel (= 3.2.3)
      activesupport (= 3.2.3)
      arel (~> 3.0.2)
      tzinfo (~> 0.3.29)
    activeresource (3.2.3)
      activemodel (= 3.2.3)
      activesupport (= 3.2.3)
    activesupport (3.2.3)
      i18n (~> 0.6)
      multi_json (~> 1.0)
    addressable (2.2.7)
    ansi (1.4.2)
    arel (3.0.2)
    awesome_print (1.0.2)
    bahia (0.7.2)
      open4 (~> 1.3.0)
    builder (3.0.0)
    coffee-script (2.2.0)
      coffee-script-source
      execjs
    columnize (0.3.6)
    cool.io (1.1.0)
      iobuffer (>= 1.0.0)
    crack (0.3.1)
    curb (0.8.0)
    daemons (1.1.8)
    database_cleaner (0.7.2)
    debugger (1.1.1)
      columnize (>= 0.3.1)
      debugger-linecache (~> 1.1)
      debugger-ruby_core_source (~> 1.1)
    debugger-linecache (1.1.1)
      debugger-ruby_core_source (>= 1.1.1)
    debugger-ruby_core_source (1.1.2)
    erubis (2.7.0)
    eventmachine (0.12.10)
    eventmachine (0.12.10-java)
    execjs (1.3.1)
      multi_json (~> 1.0)
    factory_girl (3.2.0)
      activesupport (>= 3.0.0)
    factory_girl_rails (3.2.0)
      factory_girl (~> 3.2.0)
      railties (>= 3.0.0)
    git (1.2.5)
    haml (3.1.4)
    haml_assets (0.1.0)
      haml
      tilt
    hike (1.2.1)
    hirb (0.6.2)
    hiredis (0.4.5)
    hiredis (0.4.5-java)
    i18n (0.6.0)
    iobuffer (1.1.2)
    journey (1.0.3)
    json (1.6.6)
    json (1.6.6-java)
    kgio (2.7.4)
    linecache (0.46)
      rbx-require-relative (> 0.0.4)
    mail (2.4.4)
      i18n (>= 0.4.0)
      mime-types (~> 1.16)
      treetop (~> 1.4.8)
    metaclass (0.0.1)
    mime-types (1.18)
    minitest (2.12.1)
    mocha (0.11.3)
      metaclass (~> 0.0.1)
    multi_json (1.3.2)
    mysql (2.8.1)
    newrelic_rpm (3.3.4.1)
    open4 (1.3.0)
    polyglot (0.3.3)
    rack (1.4.1)
    rack-cache (1.2)
      rack (>= 0.4)
    rack-protection (1.2.0)
      rack
    rack-ssl (1.3.2)
      rack
    rack-test (0.6.1)
      rack (>= 1.0)
    rails (3.2.3)
      actionmailer (= 3.2.3)
      actionpack (= 3.2.3)
      activerecord (= 3.2.3)
      activeresource (= 3.2.3)
      activesupport (= 3.2.3)
      bundler (~> 1.0)
      railties (= 3.2.3)
    railties (3.2.3)
      actionpack (= 3.2.3)
      activesupport (= 3.2.3)
      rack-ssl (~> 1.3.2)
      rake (>= 0.8.7)
      rdoc (~> 3.4)
      thor (~> 0.14.6)
    rainbows (4.3.1)
      kgio (~> 2.5)
      rack (~> 1.1)
      unicorn (~> 4.1)
    raindrops (0.8.0)
    rake (0.9.2.2)
    rbx-require-relative (0.0.9)
    rcov (1.0.0)
    rcov_rails (0.3.1)
      rcov
    rdoc (3.12)
      json (~> 1.4)
    redis (2.2.2)
    redis-lock (0.1.0)
      redis
    redis-namespace (1.0.3)
      redis (< 3.0.0)
    rev (0.3.2)
      iobuffer (>= 0.1.3)
    ruby-debug (0.10.4)
      columnize (>= 0.1)
      ruby-debug-base (~> 0.10.4.0)
    ruby-debug-base (0.10.4)
      linecache (>= 0.3)
    rufus-scheduler (2.0.16)
      tzinfo (>= 0.3.23)
    sass (3.1.16)
    sass-rails (3.2.5)
      railties (~> 3.2.0)
      sass (>= 3.1.10)
      tilt (~> 1.3)
    simple_form (2.0.1)
      actionpack (~> 3.0)
      activemodel (~> 3.0)
    sinatra (1.3.2)
      rack (~> 1.3, >= 1.3.6)
      rack-protection (~> 1.2)
      tilt (~> 1.3, >= 1.3.3)
    spork-rails (3.2.0)
      rails (>= 3.0.0, < 3.3.0)
      spork (>= 1.0rc0)
    spork-testunit (0.0.8)
      spork (>= 0.6.0)
    sprockets (2.1.3)
      hike (~> 1.2)
      rack (~> 1.0)
      tilt (~> 1.1, != 1.3.0)
    systemu (2.5.0)
    thin (1.3.1)
      daemons (>= 1.0.9)
      eventmachine (>= 0.12.6)
      rack (>= 1.0.0)
    thor (0.14.6)
    tilt (1.3.3)
    treetop (1.4.10)
      polyglot
      polyglot (>= 0.3.1)
    turn (0.9.5)
      ansi
    tzinfo (0.3.33)
    unicorn (4.3.0)
      kgio (~> 2.6)
      rack
      raindrops (~> 0.7)
    vegas (0.1.11)
      rack (>= 1.0.0)
    yard (0.7.5)

PLATFORMS
  java
  ruby

DEPENDENCIES
  SystemTimer
  awesome_print
  bahia
  coffee-script
  coffee-script-source!
  continuum!
  cool.io
  curb
  database_cleaner
  debugger
  devops_common!
  factory_girl_rails
  git
  haml
  haml_assets
  hirb
  hiredis
  json
  jst_str!
  lorem_ipsum!
  minitest
  mocha
  mysql
  newrelic_rpm
  rails (= 3.2.3)
  rainbows
  rcov
  rcov_rails
  redis (>= 2.2.0)
  redis-lock
  resque!
  resque-scheduler!
  rev
  ruby-debug
  sass
  sass-rails
  simple_form
  simplecov!
  simplecov-html!
  spork!
  spork-rails
  spork-testunit
  thin
  turn
  webmock!
  yard
