GIT
  remote: git://github.com/chetan/lorem_ipsum.git
  revision: 9428ef995f254f59ea70016b8b21607c742d08af
  specs:
    lorem_ipsum (0.0.2)

GIT
  remote: git://github.com/chetan/resque-scheduler.git
  revision: c5c0bf611642176a9aa5cc93c06b8327f547a21d
  specs:
    resque-scheduler (2.0.0.f)
      redis (>= 2.0.1)
      redis-lock (= 0.1.0)
      resque (>= 1.19.0)
      rufus-scheduler

GIT
  remote: git://github.com/chetan/simplecov-html.git
  revision: 172b4e5c1252fb1ba1c35a12580e9d9405507632
  specs:
    simplecov-html (0.5.3)

GIT
  remote: https://github.com/bblimke/webmock.git
  revision: 896879ce156c1a5bb2fcb008c5adef72d56bee9d
  specs:
    webmock (1.7.10)
      addressable (>= 2.2.7)
      crack (>= 0.1.7)

GIT
  remote: https://github.com/chetan/continuum.git
  revision: dd521a1aa0f34b8a4c3eae6df3dbe56050a72c0e
  specs:
    continuum (0.0.1)
      rake

GIT
  remote: https://github.com/chetan/devops_common.git
  revision: de408bf1a47477b2ba658b23d64f6567485745e8
  specs:
    devops_common (0.1.0)
      curb
      json
      systemu

GIT
  remote: https://github.com/colszowka/simplecov.git
  revision: 7605f23b5a46e785fe7ddc6d60d8c3b464294eb1
  specs:
    simplecov (0.5.4)
      multi_json (~> 1.0)
      simplecov-html (~> 0.5.3)

GIT
  remote: https://github.com/defunkt/resque.git
  revision: 96bb1b2797132db4bf8464c8a1e85650c738092d
  specs:
    resque (1.20.0)
      multi_json (~> 1.0)
      redis-namespace (~> 1.0.2)
      sinatra (>= 0.9.2)
      vegas (~> 0.1.2)

GIT
  remote: https://github.com/sporkrb/spork.git
  revision: 5b550b368621419f565959ccda13a3dc37b55bc7
  specs:
    spork (1.0.0rc2)

GEM
  remote: http://rubygems.org/
  specs:
    SystemTimer (1.2.3)
    actionmailer (3.2.1)
      actionpack (= 3.2.1)
      mail (~> 2.4.0)
    actionpack (3.2.1)
      activemodel (= 3.2.1)
      activesupport (= 3.2.1)
      builder (~> 3.0.0)
      erubis (~> 2.7.0)
      journey (~> 1.0.1)
      rack (~> 1.4.0)
      rack-cache (~> 1.1)
      rack-test (~> 0.6.1)
      sprockets (~> 2.1.2)
    activemodel (3.2.1)
      activesupport (= 3.2.1)
      builder (~> 3.0.0)
    activerecord (3.2.1)
      activemodel (= 3.2.1)
      activesupport (= 3.2.1)
      arel (~> 3.0.0)
      tzinfo (~> 0.3.29)
    activeresource (3.2.1)
      activemodel (= 3.2.1)
      activesupport (= 3.2.1)
    activesupport (3.2.1)
      i18n (~> 0.6)
      multi_json (~> 1.0)
    addressable (2.2.7)
    ansi (1.4.2)
    archive-tar-minitar (0.5.2)
    arel (3.0.0)
    awesome_print (1.0.2)
    bahia (0.4.0)
    builder (3.0.0)
    columnize (0.3.6)
    commonjs (0.2.0)
      therubyracer (~> 0.9.9)
    crack (0.3.1)
    curb (0.8.0)
    database_cleaner (0.7.1)
    erubis (2.7.0)
    factory_girl (2.6.0)
      activesupport (>= 2.3.9)
    factory_girl_rails (1.7.0)
      factory_girl (~> 2.6.0)
      railties (>= 3.0.0)
    git (1.2.5)
    haml (3.1.4)
    hike (1.2.1)
    hirb (0.6.0)
    hiredis (0.4.4)
    i18n (0.6.0)
    journey (1.0.2)
    json (1.6.5)
    less (2.0.9)
      commonjs (~> 0.2.0)
      therubyracer (~> 0.9.9)
    less-rails (2.1.6)
      actionpack (>= 3.1)
      less (~> 2.0.7)
    libv8 (3.3.10.4)
    linecache (0.46)
      rbx-require-relative (> 0.0.4)
    linecache19 (0.5.12)
      ruby_core_source (>= 0.1.4)
    mail (2.4.1)
      i18n (>= 0.4.0)
      mime-types (~> 1.16)
      treetop (~> 1.4.8)
    metaclass (0.0.1)
    mime-types (1.17.2)
    minitest (2.11.2)
    mocha (0.10.4)
      metaclass (~> 0.0.1)
    multi_json (1.1.0)
    mysql (2.8.1)
    newrelic_rpm (3.3.2)
    polyglot (0.3.3)
    rack (1.4.1)
    rack-cache (1.1)
      rack (>= 0.4)
    rack-protection (1.2.0)
      rack
    rack-ssl (1.3.2)
      rack
    rack-test (0.6.1)
      rack (>= 1.0)
    rails (3.2.1)
      actionmailer (= 3.2.1)
      actionpack (= 3.2.1)
      activerecord (= 3.2.1)
      activeresource (= 3.2.1)
      activesupport (= 3.2.1)
      bundler (~> 1.0)
      railties (= 3.2.1)
    railties (3.2.1)
      actionpack (= 3.2.1)
      activesupport (= 3.2.1)
      rack-ssl (~> 1.3.2)
      rake (>= 0.8.7)
      rdoc (~> 3.4)
      thor (~> 0.14.6)
    rake (0.9.2.2)
    rbx-require-relative (0.0.5)
    rcov (1.0.0)
    rcov_rails (0.3.1)
      rcov
    rdoc (3.12)
      json (~> 1.4)
    redis (2.2.2)
    redis-lock (0.1.0)
      redis
    redis-namespace (1.0.3)
      redis (< 3.0.0)
    ruby-debug (0.10.4)
      columnize (>= 0.1)
      ruby-debug-base (~> 0.10.4.0)
    ruby-debug-base (0.10.4)
      linecache (>= 0.3)
    ruby-debug-base19 (0.11.25)
      columnize (>= 0.3.1)
      linecache19 (>= 0.5.11)
      ruby_core_source (>= 0.1.4)
    ruby-debug19 (0.11.6)
      columnize (>= 0.3.1)
      linecache19 (>= 0.5.11)
      ruby-debug-base19 (>= 0.11.19)
    ruby_core_source (0.1.5)
      archive-tar-minitar (>= 0.5.2)
    rufus-scheduler (2.0.16)
      tzinfo (>= 0.3.23)
    simple_form (1.5.2)
      actionpack (~> 3.0)
      activemodel (~> 3.0)
    sinatra (1.3.2)
      rack (~> 1.3, >= 1.3.6)
      rack-protection (~> 1.2)
      tilt (~> 1.3, >= 1.3.3)
    spork-rails (3.2.0)
      rails (>= 3.0.0, < 3.3.0)
      spork (>= 1.0rc0)
    sprockets (2.1.2)
      hike (~> 1.2)
      rack (~> 1.0)
      tilt (~> 1.1, != 1.3.0)
    systemu (2.4.2)
    therubyracer (0.9.10)
      libv8 (~> 3.3.10)
    thor (0.14.6)
    tilt (1.3.3)
    treetop (1.4.10)
      polyglot
      polyglot (>= 0.3.1)
    turn (0.9.3)
      ansi
    tzinfo (0.3.31)
    vegas (0.1.11)
      rack (>= 1.0.0)
    yard (0.7.5)

PLATFORMS
  ruby

DEPENDENCIES
  SystemTimer
  awesome_print
  bahia
  continuum!
  curb
  database_cleaner
  devops_common!
  factory_girl_rails
  git
  haml
  hirb
  hiredis
  json
  less
  less-rails
  lorem_ipsum!
  minitest
  mocha
  mysql
  newrelic_rpm
  rails (= 3.2.1)
  rcov
  rcov_rails
  redis (>= 2.2.0)
  redis-lock
  resque!
  resque-scheduler!
  ruby-debug
  ruby-debug19
  simple_form
  simplecov!
  simplecov-html!
  spork!
  spork-rails
  turn
  webmock!
  yard
