GIT
  remote: git://github.com/chetan/jst_str.git
  revision: 5cde3c23ea59cc4e06c027da9ad96b05491fec4d
  specs:
    jst_str (1.0.0)
      sprockets (>= 2.0.3)
      tilt (>= 1.3.3)

GIT
  remote: git://github.com/chetan/lorem_ipsum.git
  revision: 9428ef995f254f59ea70016b8b21607c742d08af
  specs:
    lorem_ipsum (0.0.2)

GIT
  remote: git://github.com/chetan/resque-scheduler.git
  revision: c5c0bf611642176a9aa5cc93c06b8327f547a21d
  specs:
    resque-scheduler (2.0.0.f)
      redis (>= 2.0.1)
      redis-lock (= 0.1.0)
      resque (>= 1.19.0)
      rufus-scheduler

GIT
  remote: git://github.com/chetan/simplecov-html.git
  revision: 172b4e5c1252fb1ba1c35a12580e9d9405507632
  specs:
    simplecov-html (0.5.3)

GIT
  remote: https://github.com/bblimke/webmock.git
  revision: 887bf32ec8a57fc8a457a25afdc398ce3988b8b3
  specs:
    webmock (1.8.7)
      addressable (>= 2.2.7)
      crack (>= 0.1.7)

GIT
  remote: https://github.com/chetan/coffee-script.git
  revision: d3e5f8c9cbda4ce6575a0b35810eee0dfa9b079b
  branch: gem
  specs:
    coffee-script-source (1.3.2.pre)

GIT
  remote: https://github.com/chetan/continuum.git
  revision: df0798cc23f4109009fb7f8452375cb27130385f
  specs:
    continuum (0.0.1)
      curb
      curb_threadpool
      multi_json
      rake

GIT
  remote: https://github.com/chetan/devops_common.git
  revision: 23d9bcaba8734dea23ed0ad0cdfed73eef01766b
  specs:
    devops_common (0.1.0)
      curb
      multi_json
      oj
      systemu

GIT
  remote: https://github.com/colszowka/simplecov.git
  revision: d02fb3fe18141ce7822dbc20cba94b21115063be
  specs:
    simplecov (0.6.4)
      multi_json (~> 1.0)
      simplecov-html (~> 0.5.3)

GIT
  remote: https://github.com/defunkt/resque.git
  revision: 2e67d04b72dfbfda8ce62aa47fb678097cc27206
  specs:
    resque (1.20.0)
      multi_json (~> 1.0)
      redis-namespace (~> 1.0.2)
      sinatra (>= 0.9.2)
      vegas (~> 0.1.2)

GIT
  remote: https://github.com/sporkrb/spork.git
  revision: a07c59d6652d81e8863b7ae5767e943fd272b5da
  specs:
    spork (1.0.0rc3)

GEM
  remote: http://rubygems.org/
  specs:
    POpen4 (0.1.4)
      Platform (>= 0.4.0)
      open4
    Platform (0.4.0)
    SystemTimer (1.2.3)
    actionmailer (3.2.5)
      actionpack (= 3.2.5)
      mail (~> 2.4.4)
    actionpack (3.2.5)
      activemodel (= 3.2.5)
      activesupport (= 3.2.5)
      builder (~> 3.0.0)
      erubis (~> 2.7.0)
      journey (~> 1.0.1)
      rack (~> 1.4.0)
      rack-cache (~> 1.2)
      rack-test (~> 0.6.1)
      sprockets (~> 2.1.3)
    activemodel (3.2.5)
      activesupport (= 3.2.5)
      builder (~> 3.0.0)
    activerecord (3.2.5)
      activemodel (= 3.2.5)
      activesupport (= 3.2.5)
      arel (~> 3.0.2)
      tzinfo (~> 0.3.29)
    activeresource (3.2.5)
      activemodel (= 3.2.5)
      activesupport (= 3.2.5)
    activesupport (3.2.5)
      i18n (~> 0.6)
      multi_json (~> 1.0)
    acts-as-taggable-on (2.3.1)
      rails (~> 3.0)
    acts_as_tree (1.1.0)
      activerecord (>= 3.0.0)
    addressable (2.2.8)
    ansi (1.4.2)
    arel (3.0.2)
    awesome_print (1.0.2)
    bahia (0.7.2)
      open4 (~> 1.3.0)
    builder (3.0.0)
    coderay (1.0.6)
    coffee-script (2.2.0)
      coffee-script-source
      execjs
    columnize (0.3.6)
    cool.io (1.1.0)
      iobuffer (>= 1.0.0)
    crack (0.3.1)
    curb (0.8.0)
    curb_threadpool (0.5.2)
    daemons (1.1.8)
    database_cleaner (0.7.2)
    debugger (1.1.3)
      columnize (>= 0.3.1)
      debugger-linecache (~> 1.1.1)
      debugger-ruby_core_source (~> 1.1.2)
    debugger-linecache (1.1.1)
      debugger-ruby_core_source (>= 1.1.1)
    debugger-ruby_core_source (1.1.3)
    erubis (2.7.0)
    eventmachine (0.12.10)
    execjs (1.4.0)
      multi_json (~> 1.0)
    factory_girl (3.3.0)
      activesupport (>= 3.0.0)
    factory_girl_rails (3.3.0)
      factory_girl (~> 3.3.0)
      railties (>= 3.0.0)
    git (1.2.5)
    haml (3.1.6)
    haml_assets (0.1.0)
      haml
      tilt
    hike (1.2.1)
    hirb (0.6.2)
    hiredis (0.4.5)
    hiredis (0.4.5-java)
    i18n (0.6.0)
    iobuffer (1.1.2)
    journey (1.0.3)
    json (1.7.3)
    json (1.7.3-java)
    jwt (0.1.4)
      json (>= 1.2.4)
    kgio (2.7.4)
    linecache (0.46)
      rbx-require-relative (> 0.0.4)
    mail (2.4.4)
      i18n (>= 0.4.0)
      mime-types (~> 1.16)
      treetop (~> 1.4.8)
    memcached (1.4.1)
    metaclass (0.0.1)
    method_source (0.7.1)
    mime-types (1.18)
    minitest (3.0.1)
    mocha (0.11.4)
      metaclass (~> 0.0.1)
    multi_json (1.3.6)
    mysql2 (0.3.11)
    newrelic-redis (1.3.2)
      newrelic_rpm (~> 3.0)
      redis (< 4.0)
    newrelic_rpm (3.3.5)
    oj (1.2.9)
    open4 (1.3.0)
    polyglot (0.3.3)
    pony (1.4)
      mail (> 2.0)
    pry (0.9.9.6)
      coderay (~> 1.0.5)
      method_source (~> 0.7.1)
      slop (>= 2.4.4, < 3)
    pry (0.9.9.6-java)
      coderay (~> 1.0.5)
      method_source (~> 0.7.1)
      slop (>= 2.4.4, < 3)
      spoon (~> 0.0)
    pry-rails (0.1.6)
      pry
    rabl (0.6.12)
      activesupport (>= 2.3.14)
      multi_json (~> 1.0)
    rack (1.4.1)
    rack-cache (1.2)
      rack (>= 0.4)
    rack-protection (1.2.0)
      rack
    rack-ssl (1.3.2)
      rack
    rack-test (0.6.1)
      rack (>= 1.0)
    rails (3.2.5)
      actionmailer (= 3.2.5)
      actionpack (= 3.2.5)
      activerecord (= 3.2.5)
      activeresource (= 3.2.5)
      activesupport (= 3.2.5)
      bundler (~> 1.0)
      railties (= 3.2.5)
    railties (3.2.5)
      actionpack (= 3.2.5)
      activesupport (= 3.2.5)
      rack-ssl (~> 1.3.2)
      rake (>= 0.8.7)
      rdoc (~> 3.4)
      thor (>= 0.14.6, < 2.0)
    rainbows (4.3.1)
      kgio (~> 2.5)
      rack (~> 1.1)
      unicorn (~> 4.1)
    raindrops (0.9.0)
    rake (0.9.2.2)
    rbx-require-relative (0.0.9)
    rcov (1.0.0)
    rcov_rails (0.3.1)
      rcov
    rdoc (3.12)
      json (~> 1.4)
    redcarpet (2.1.1)
    redis (2.2.2)
    redis-lock (0.1.0)
      redis
    redis-namespace (1.0.3)
      redis (< 3.0.0)
    rev (0.3.2)
      iobuffer (>= 0.1.3)
    rpm_contrib (2.1.11)
      newrelic_rpm (>= 3.1.1)
      newrelic_rpm (>= 3.1.1)
    ruby-debug (0.10.4)
      columnize (>= 0.1)
      ruby-debug-base (~> 0.10.4.0)
    ruby-debug-base (0.10.4)
      linecache (>= 0.3)
    rufus-scheduler (2.0.16)
      tzinfo (>= 0.3.23)
    sass (3.1.19)
    sass-rails (3.2.5)
      railties (~> 3.2.0)
      sass (>= 3.1.10)
      tilt (~> 1.3)
    sextant (0.1.3)
      activesupport (>= 3.2)
      rails (>= 3.2)
    simple_form (2.0.2)
      actionpack (~> 3.0)
      activemodel (~> 3.0)
    sinatra (1.3.2)
      rack (~> 1.3, >= 1.3.6)
      rack-protection (~> 1.2)
      tilt (~> 1.3, >= 1.3.3)
    slop (2.4.4)
    spoon (0.0.1)
    spork-rails (3.2.0)
      rails (>= 3.0.0, < 3.3.0)
      spork (>= 1.0rc0)
    spork-testunit (0.0.8)
      spork (>= 0.6.0)
    sprockets (2.1.3)
      hike (~> 1.2)
      rack (~> 1.0)
      tilt (~> 1.1, != 1.3.0)
    systemu (2.5.1)
    thin (1.3.1)
      daemons (>= 1.0.9)
      eventmachine (>= 0.12.6)
      rack (>= 1.0.0)
    thor (0.15.2)
    tilt (1.3.3)
    treetop (1.4.10)
      polyglot
      polyglot (>= 0.3.1)
    turn (0.9.5)
      ansi
    twilio-ruby (3.7.0)
      builder (>= 2.1.2)
      jwt (>= 0.1.2)
      multi_json (>= 1.3.0)
    tzinfo (0.3.33)
    uglifier (1.2.4)
      execjs (>= 0.3.0)
      multi_json (>= 1.0.2)
    unicorn (4.3.1)
      kgio (~> 2.6)
      rack
      raindrops (~> 0.7)
    vegas (0.1.11)
      rack (>= 1.0.0)
    yard (0.8.1)
    yui-compressor (0.9.6)
      POpen4 (>= 0.1.4)

PLATFORMS
  java
  ruby

DEPENDENCIES
  SystemTimer
  acts-as-taggable-on
  acts_as_tree
  awesome_print
  bahia
  coffee-script
  coffee-script-source!
  continuum!
  cool.io
  curb
  database_cleaner
  debugger
  devops_common!
  factory_girl_rails
  git
  haml
  haml_assets
  hirb
  hiredis
  json
  jst_str!
  lorem_ipsum!
  memcached
  minitest
  mocha
  multi_json
  mysql2
  newrelic-redis
  newrelic_rpm
  oj
  pony
  pry
  pry-rails
  rabl
  rails (= 3.2.5)
  rainbows
  rcov
  rcov_rails
  redcarpet
  redis (>= 2.2.0)
  redis-lock
  resque!
  resque-scheduler!
  rev
  rpm_contrib
  ruby-debug
  sass
  sass-rails
  sextant
  simple_form
  simplecov!
  simplecov-html!
  spork!
  spork-rails
  spork-testunit
  thin
  turn
  twilio-ruby
  uglifier
  webmock!
  yard
  yui-compressor
