GIT
  remote: https://github.com/bblimke/webmock.git
  revision: 887bf32ec8a57fc8a457a25afdc398ce3988b8b3
  specs:
    webmock (1.8.7)
      addressable (>= 2.2.7)
      crack (>= 0.1.7)

GIT
  remote: https://github.com/chetan/devops_common.git
  revision: 732487a63782102c9dfbb2241c3943f9768d8f4b
  specs:
    bixby_common (0.1.0)
      curb
      multi_json
      oj
      systemu

GEM
  remote: http://rubygems.org/
  specs:
    addressable (2.2.8)
    ansi (1.4.2)
    awesome_print (1.0.2)
    bahia (0.7.2)
      open4 (~> 1.3.0)
    coderay (1.0.6)
    colorize (0.5.8)
    crack (0.3.1)
    curb (0.8.0)
    daemons (1.1.8)
    eventmachine (0.12.10)
    facter (1.6.10)
    ffi (1.0.11)
    git (1.2.5)
    growl (1.0.3)
    guard (1.2.1)
      listen (>= 0.4.2)
      thor (>= 0.14.6)
    hirb (0.6.2)
    jeweler (1.8.3)
      bundler (~> 1.0)
      git (>= 1.2.5)
      rake
      rdoc
    json (1.7.3)
    listen (0.4.6)
      rb-fchange (~> 0.0.5)
      rb-fsevent (~> 0.9.1)
      rb-inotify (~> 0.8.8)
    little-plugger (1.1.3)
    logging (1.7.2)
      little-plugger (>= 1.1.3)
    metaclass (0.0.1)
    method_source (0.7.1)
    minitest (3.1.0)
    mixlib-cli (1.2.2)
    mocha (0.11.4)
      metaclass (~> 0.0.1)
    multi_json (1.3.6)
    oj (1.2.11)
    open4 (1.3.0)
    pry (0.9.9.6)
      coderay (~> 1.0.5)
      method_source (~> 0.7.1)
      slop (>= 2.4.4, < 3)
    rack (1.4.1)
    rack-protection (1.2.0)
      rack
    rake (0.9.2.2)
    rb-fchange (0.0.5)
      ffi
    rb-fsevent (0.9.1)
    rb-inotify (0.8.8)
      ffi (>= 0.5.0)
    rcov (1.0.0)
    rdoc (3.12)
      json (~> 1.4)
    simplecov (0.6.4)
      multi_json (~> 1.0)
      simplecov-html (~> 0.5.3)
    simplecov-html (0.5.3)
    sinatra (1.3.2)
      rack (~> 1.3, >= 1.3.6)
      rack-protection (~> 1.2)
      tilt (~> 1.3, >= 1.3.3)
    slop (2.4.4)
    systemu (2.5.1)
    thin (1.3.1)
      daemons (>= 1.0.9)
      eventmachine (>= 0.12.6)
      rack (>= 1.0.0)
    thor (0.15.3)
    tilt (1.3.3)
    turn (0.9.5)
      ansi
    uuidtools (2.1.2)
    yard (0.8.2.1)

PLATFORMS
  ruby

DEPENDENCIES
  awesome_print
  bahia
  bixby_common!
  colorize
  curb
  facter
  growl
  guard
  hirb
  jeweler (~> 1.8.3)
  logging
  minitest
  mixlib-cli
  mocha
  multi_json
  oj
  pry
  rcov
  simplecov
  sinatra
  systemu
  thin
  turn
  uuidtools
  webmock!
  yard (~> 0.7)
