GEM
  remote: http://rubygems.org/
  specs:
    curb (0.7.10)
    extlib (0.9.15)
    ezcrypto (0.7.2)
    json (1.4.6)
    mixlib-cli (1.2.0)
    mixlib-config (1.1.2)
    mixlib-log (1.2.0)
    ohai (0.5.8)
      extlib
      json (>= 1.4.4, <= 1.4.6)
      mixlib-cli
      mixlib-config
      mixlib-log
      systemu
    rack (1.2.1)
    sinatra (1.1.3)
      rack (~> 1.1)
      tilt (>= 1.2.2, < 2.0)
    systemu (1.2.0)
    tilt (1.2.2)
    uuidtools (2.1.2)

PLATFORMS
  ruby

DEPENDENCIES
  curb
  ezcrypto
  json
  ohai
  sinatra
  uuidtools
