GEM
  remote: http://rubygems.org/
  specs:
    curb (0.7.10)
    json (1.4.6)
    rack (1.2.1)
    sinatra (1.1.3)
      rack (~> 1.1)
      tilt (>= 1.2.2, < 2.0)
    tilt (1.2.2)

PLATFORMS
  ruby

DEPENDENCIES
  curb
  json
  sinatra
