GIT
  remote: https://github.com/taf2/curb.git
  revision: 2a002d59fcf91b14bff1005df1d5e508895f49a4
  specs:
    curb (0.7.16)

GEM
  remote: http://rubygems.org/
  specs:
    addressable (2.2.6)
    aruba (0.4.7)
      childprocess (>= 0.2.2)
      cucumber (>= 1.1.1)
      ffi (= 1.0.9)
      rspec (>= 2.7.0)
    awesome_print (1.0.1)
    builder (3.0.0)
    childprocess (0.2.3)
      ffi (~> 1.0.6)
    crack (0.3.1)
    cucumber (1.1.3)
      builder (>= 2.1.2)
      diff-lcs (>= 1.1.2)
      gherkin (~> 2.6.7)
      json (>= 1.4.6)
      term-ansicolor (>= 1.0.6)
    daemons (1.1.4)
    diff-lcs (1.1.3)
    eventmachine (0.12.10)
    ezcrypto (0.7.2)
    facter (1.6.3)
    ffi (1.0.9)
    gherkin (2.6.8)
      json (>= 1.4.6)
    json (1.6.3)
    mixlib-cli (1.2.2)
    rack (1.3.5)
    rack-protection (1.1.4)
      rack
    rcov (0.9.11)
    rspec (2.7.0)
      rspec-core (~> 2.7.0)
      rspec-expectations (~> 2.7.0)
      rspec-mocks (~> 2.7.0)
    rspec-core (2.7.1)
    rspec-expectations (2.7.0)
      diff-lcs (~> 1.1.2)
    rspec-mocks (2.7.0)
    sinatra (1.3.1)
      rack (~> 1.3, >= 1.3.4)
      rack-protection (~> 1.1, >= 1.1.2)
      tilt (~> 1.3, >= 1.3.3)
    systemu (2.4.1)
    term-ansicolor (1.0.7)
    test-unit (2.4.2)
    thin (1.3.1)
      daemons (>= 1.0.9)
      eventmachine (>= 0.12.6)
      rack (>= 1.0.0)
    tilt (1.3.3)
    uuidtools (2.1.2)
    webmock (1.7.8)
      addressable (~> 2.2, > 2.2.5)
      crack (>= 0.1.7)

PLATFORMS
  ruby

DEPENDENCIES
  aruba (= 0.4.7)
  awesome_print
  cucumber
  curb!
  ezcrypto
  facter
  json
  mixlib-cli
  rcov
  rspec
  sinatra
  systemu
  test-unit
  thin
  uuidtools
  webmock
