GIT
  remote: https://github.com/bblimke/webmock.git
  revision: 887bf32ec8a57fc8a457a25afdc398ce3988b8b3
  specs:
    webmock (1.8.7)
      addressable (>= 2.2.7)
      crack (>= 0.1.7)

GIT
  remote: https://github.com/chetan/devops_common.git
  revision: 23d9bcaba8734dea23ed0ad0cdfed73eef01766b
  specs:
    devops_common (0.1.0)
      curb
      multi_json
      oj
      systemu

GEM
  remote: http://rubygems.org/
  specs:
    addressable (2.2.8)
    ansi (1.4.2)
    aruba (0.4.7)
      childprocess (>= 0.2.2)
      cucumber (>= 1.1.1)
      ffi (= 1.0.9)
      rspec (>= 2.7.0)
    awesome_print (1.0.2)
    bahia (0.7.2)
      open4 (~> 1.3.0)
    builder (3.0.0)
    childprocess (0.3.2)
      ffi (~> 1.0.6)
    crack (0.3.1)
    cucumber (1.2.1)
      builder (>= 2.1.2)
      diff-lcs (>= 1.1.3)
      gherkin (~> 2.11.0)
      json (>= 1.4.6)
    curb (0.8.0)
    daemons (1.1.8)
    diff-lcs (1.1.3)
    eventmachine (0.12.10)
    ezcrypto (0.7.2)
    facter (1.6.9)
    ffi (1.0.9)
    gherkin (2.11.0)
      json (>= 1.4.6)
    git (1.2.5)
    jeweler (1.8.3)
      bundler (~> 1.0)
      git (>= 1.2.5)
      rake
      rdoc
    json (1.7.3)
    little-plugger (1.1.3)
    logging (1.7.2)
      little-plugger (>= 1.1.3)
    metaclass (0.0.1)
    minitest (3.0.1)
    mixlib-cli (1.2.2)
    mocha (0.11.4)
      metaclass (~> 0.0.1)
    multi_json (1.3.6)
    oj (1.2.9)
    open4 (1.3.0)
    rack (1.4.1)
    rack-protection (1.2.0)
      rack
    rake (0.9.2.2)
    rcov (1.0.0)
    rdoc (3.12)
      json (~> 1.4)
    rspec (2.10.0)
      rspec-core (~> 2.10.0)
      rspec-expectations (~> 2.10.0)
      rspec-mocks (~> 2.10.0)
    rspec-core (2.10.1)
    rspec-expectations (2.10.0)
      diff-lcs (~> 1.1.3)
    rspec-mocks (2.10.1)
    simplecov (0.6.4)
      multi_json (~> 1.0)
      simplecov-html (~> 0.5.3)
    simplecov-html (0.5.3)
    sinatra (1.3.2)
      rack (~> 1.3, >= 1.3.6)
      rack-protection (~> 1.2)
      tilt (~> 1.3, >= 1.3.3)
    systemu (2.5.1)
    thin (1.3.1)
      daemons (>= 1.0.9)
      eventmachine (>= 0.12.6)
      rack (>= 1.0.0)
    tilt (1.3.3)
    turn (0.9.5)
      ansi
    uuidtools (2.1.2)
    yard (0.8.2.1)

PLATFORMS
  ruby

DEPENDENCIES
  aruba (= 0.4.7)
  awesome_print
  bahia
  cucumber
  curb
  devops_common!
  ezcrypto
  facter
  jeweler (~> 1.8.3)
  json
  logging
  minitest
  mixlib-cli
  mocha
  rcov
  rspec
  simplecov
  sinatra
  systemu
  thin
  turn
  uuidtools
  webmock!
  yard (~> 0.7)
