GEM
  remote: http://rubygems.org/
  specs:
    builder (3.0.0)
    cucumber (0.10.2)
      builder (>= 2.1.2)
      diff-lcs (>= 1.1.2)
      gherkin (>= 2.3.5)
      json (>= 1.4.6)
      term-ansicolor (>= 1.0.5)
    curb (0.7.15)
    diff-lcs (1.1.2)
    ezcrypto (0.7.2)
    gherkin (2.3.6)
      json (>= 1.4.6)
    json (1.5.1)
    mixlib-cli (1.2.0)
    mixlib-config (1.1.2)
    mixlib-log (1.3.0)
    ohai (0.6.2)
      mixlib-cli
      mixlib-config
      mixlib-log
      systemu
      yajl-ruby
    rack (1.2.2)
    sinatra (1.2.3)
      rack (~> 1.1)
      tilt (>= 1.2.2, < 2.0)
    systemu (2.2.0)
    term-ansicolor (1.0.5)
    tilt (1.2.2)
    uuidtools (2.1.2)
    yajl-ruby (0.8.2)

PLATFORMS
  ruby

DEPENDENCIES
  cucumber
  curb
  ezcrypto
  json
  mixlib-cli
  ohai
  sinatra
  uuidtools
