GEM
  remote: http://rubygems.org/
  specs:
    builder (3.0.0)
    cucumber (0.10.2)
      builder (>= 2.1.2)
      diff-lcs (>= 1.1.2)
      gherkin (>= 2.3.5)
      json (>= 1.4.6)
      term-ansicolor (>= 1.0.5)
    curb (0.7.15)
    diff-lcs (1.1.2)
    ezcrypto (0.7.2)
    facter (1.5.8)
    gherkin (2.3.6)
      json (>= 1.4.6)
    json (1.5.1)
    minitest (2.1.0)
    mixlib-cli (1.2.0)
    rack (1.2.2)
    rcov (0.9.9)
    sinatra (1.2.3)
      rack (~> 1.1)
      tilt (>= 1.2.2, < 2.0)
    systemu (2.2.0)
    term-ansicolor (1.0.5)
    tilt (1.2.2)
    uuidtools (2.1.2)

PLATFORMS
  ruby

DEPENDENCIES
  cucumber
  curb
  ezcrypto
  facter
  json
  minitest
  mixlib-cli
  rcov
  sinatra
  systemu
  uuidtools
