GIT
  remote: https://github.com/taf2/curb.git
  revision: 02d1a21fb32301e64eed7835ccaf0a82e5c3d23c
  specs:
    curb (0.8.0)

GEM
  remote: http://rubygems.org/
  specs:
    addressable (2.2.6)
    aruba (0.4.7)
      childprocess (>= 0.2.2)
      cucumber (>= 1.1.1)
      ffi (= 1.0.9)
      rspec (>= 2.7.0)
    awesome_print (1.0.2)
    builder (3.0.0)
    childprocess (0.3.1)
      ffi (~> 1.0.6)
    crack (0.3.1)
    cucumber (1.1.4)
      builder (>= 2.1.2)
      diff-lcs (>= 1.1.2)
      gherkin (~> 2.7.1)
      json (>= 1.4.6)
      term-ansicolor (>= 1.0.6)
    daemons (1.1.6)
    diff-lcs (1.1.3)
    eventmachine (0.12.10)
    ezcrypto (0.7.2)
    facter (1.6.5)
    ffi (1.0.9)
    gherkin (2.7.6)
      json (>= 1.4.6)
    git (1.2.5)
    jeweler (1.8.3)
      bundler (~> 1.0)
      git (>= 1.2.5)
      rake
      rdoc
    json (1.6.5)
    mixlib-cli (1.2.2)
    multi_json (1.0.4)
    rack (1.4.1)
    rack-protection (1.2.0)
      rack
    rake (0.9.2.2)
    rdoc (3.12)
      json (~> 1.4)
    rspec (2.8.0)
      rspec-core (~> 2.8.0)
      rspec-expectations (~> 2.8.0)
      rspec-mocks (~> 2.8.0)
    rspec-core (2.8.0)
    rspec-expectations (2.8.0)
      diff-lcs (~> 1.1.2)
    rspec-mocks (2.8.0)
    simplecov (0.5.4)
      multi_json (~> 1.0.3)
      simplecov-html (~> 0.5.3)
    simplecov-html (0.5.3)
    sinatra (1.3.2)
      rack (~> 1.3, >= 1.3.6)
      rack-protection (~> 1.2)
      tilt (~> 1.3, >= 1.3.3)
    systemu (2.4.2)
    term-ansicolor (1.0.7)
    test-unit (2.4.5)
    thin (1.3.1)
      daemons (>= 1.0.9)
      eventmachine (>= 0.12.6)
      rack (>= 1.0.0)
    tilt (1.3.3)
    uuidtools (2.1.2)
    webmock (1.7.10)
      addressable (~> 2.2, > 2.2.5)
      crack (>= 0.1.7)
    yard (0.7.5)

PLATFORMS
  ruby

DEPENDENCIES
  aruba (= 0.4.7)
  awesome_print
  cucumber
  curb!
  ezcrypto
  facter
  jeweler
  json
  mixlib-cli
  rspec
  simplecov
  sinatra
  systemu
  test-unit
  thin
  uuidtools
  webmock
  yard
